GEM
  remote: https://rubygems.org/
  specs:
    chronic (0.10.2)
    chronic_duration (0.10.6)
      numerizer (~> 0.1.1)
    numerizer (0.1.1)

PLATFORMS
  ruby

DEPENDENCIES
  chronic
  chronic_duration

BUNDLED WITH
   1.13.2
